PATH
  remote: .
  specs:
    temp_table (0.1.0)

GEM
  remote: https://rubygems.org/
  specs:
    rake (13.0.3)

PLATFORMS
  x86_64-linux

DEPENDENCIES
  rake (~> 13.0)
  temp_table!

BUNDLED WITH
   2.3.7
